PATH
  remote: .
  specs:
    dp-emr (1.0.0)
      activesupport
      assembler
      aws-sdk

GEM
  remote: http://gems.gemfury.com/yXs1oC2soq9Jk2pjVzBK/
  remote: https://rubygems.org/
  specs:
    activesupport (4.1.0)
      i18n (~> 0.6, >= 0.6.9)
      json (~> 1.7, >= 1.7.7)
      minitest (~> 5.1)
      thread_safe (~> 0.1)
      tzinfo (~> 1.1)
    assembler (1.1.0)
    aws-sdk (1.38.0)
      json (~> 1.4)
      nokogiri (>= 1.4.4)
      uuidtools (~> 2.1)
    coderay (1.1.0)
    diff-lcs (1.2.5)
    faraday (0.8.9)
      multipart-post (~> 1.2.0)
    faraday_middleware (0.9.1)
      faraday (>= 0.7.4, < 0.10)
    fuubar (1.3.2)
      rspec (>= 2.14.0, < 3.1.0)
      ruby-progressbar (~> 1.3)
    gemfury (0.4.23)
      faraday (>= 0.7.4, < 0.9.0.pre)
      faraday_middleware (>= 0.7, < 0.10.0.pre)
      highline (~> 1.6.0)
      multi_json (~> 1.0)
      netrc (~> 0.7.7)
      thor (>= 0.14.0, < 1.0.0.pre)
    highline (1.6.21)
    i18n (0.6.9)
    json (1.8.1)
    method_source (0.8.2)
    mini_portile (0.5.3)
    minitest (5.3.3)
    multi_json (1.9.2)
    multipart-post (1.2.0)
    netrc (0.7.7)
    nokogiri (1.6.1)
      mini_portile (~> 0.5.0)
    pry (0.9.12.6)
      coderay (~> 1.0)
      method_source (~> 0.8)
      slop (~> 3.4)
    rake (10.3.1)
    rspec (2.14.1)
      rspec-core (~> 2.14.0)
      rspec-expectations (~> 2.14.0)
      rspec-mocks (~> 2.14.0)
    rspec-core (2.14.8)
    rspec-expectations (2.14.5)
      diff-lcs (>= 1.1.3, < 2.0)
    rspec-mocks (2.14.6)
    ruby-progressbar (1.4.2)
    slop (3.5.0)
    thor (0.19.1)
    thread_safe (0.3.3)
    tzinfo (1.1.0)
      thread_safe (~> 0.1)
    uuidtools (2.1.4)

PLATFORMS
  ruby

DEPENDENCIES
  bundler
  dp-emr!
  fuubar
  gemfury
  pry
  rake
  rspec
